GEM
  remote: http://rubygems.org/
  specs:
    hashr (0.0.22)
    safe_yaml (0.9.7)
    travis-lint (1.8.0)
      hashr (~> 0.0.22)
      safe_yaml (~> 0.9.0)

PLATFORMS
  ruby

DEPENDENCIES
  travis-lint
